GEM
  remote: https://www.rubygems.org/
  specs:
    activesupport (3.2.10)
      i18n (~> 0.6)
      multi_json (~> 1.0)
    bio-statsample-timeseries (0.2.1)
      activesupport (= 3.2.10)
      statsample (= 1.2.0)
    clbustos-rtf (0.4.2)
    dirty-memoize (0.0.4)
    distribution (0.7.0)
    extendmatrix (0.3.1)
    fastercsv (1.5.5)
    hoe (3.4.0)
      rake (>= 0.8, < 11.0)
    i18n (0.6.5)
    json (1.7.6)
    metaclass (0.0.1)
    minimization (0.2.1)
      text-table (~> 1.2)
    minitest (4.3.3)
    mocha (0.14.0)
      metaclass (~> 0.0.1)
    multi_json (1.8.0)
    prawn (0.8.4)
      prawn-core (>= 0.8.4, < 0.9)
      prawn-layout (>= 0.8.4, < 0.9)
      prawn-security (>= 0.8.4, < 0.9)
    prawn-core (0.8.4)
    prawn-layout (0.8.4)
    prawn-security (0.8.4)
    prawn-svg (0.9.1.11)
      prawn (>= 0.8.4)
    rake (10.0.3)
    rdoc (3.12)
      json (~> 1.4)
    reportbuilder (1.4.2)
      clbustos-rtf (~> 0.4.0)
      prawn (~> 0.8.4)
      prawn-svg (~> 0.9.1)
      text-table (~> 1.2)
    rserve-client (0.2.5)
    ruby-ole (1.2.11.7)
    rubyvis (0.6.0)
    shoulda (3.5.0)
      shoulda-context (~> 1.0, >= 1.0.1)
      shoulda-matchers (>= 1.4.1, < 3.0)
    shoulda-context (1.1.5)
    shoulda-matchers (2.2.0)
      activesupport (>= 3.0.0)
    spreadsheet (0.6.9)
      ruby-ole (>= 1.0)
    statsample (1.2.0)
      dirty-memoize (~> 0.0)
      distribution (~> 0.6)
      extendmatrix (~> 0.3.1)
      fastercsv (> 0)
      minimization (~> 0.2.0)
      reportbuilder (~> 1.4)
      rserve-client (~> 0.2.5)
      rubyvis (~> 0.5)
      spreadsheet (~> 0.6.5)
      statsample-bivariate-extension (> 0)
    statsample-bivariate-extension (1.1.0)
      distribution (~> 0.6)
    text-table (1.2.3)

PLATFORMS
  ruby

DEPENDENCIES
  bio-statsample-timeseries
  hoe
  minitest
  mocha (= 0.14.0)
  rdoc
  reportbuilder
  shoulda (= 3.5.0)
  shoulda-matchers (= 2.2.0)
